GEM
  remote: https://rubygems.org/
  specs:
    rack (1.6.5)
    rack-protection (1.5.3)
      rack
    require_all (1.3.3)
    shotgun (0.9.2)
      rack (>= 1.0)
    sinatra (1.4.8)
      rack (~> 1.5)
      rack-protection (~> 1.4)
      tilt (>= 1.3, < 3)
    tilt (2.0.7)

PLATFORMS
  ruby

DEPENDENCIES
  require_all
  shotgun
  sinatra

BUNDLED WITH
   1.14.6
